GEM
  remote: https://rubygems.org/
  specs:
    coderay (1.1.1)
    diffy (3.1.0)
    git (1.3.0)
    method_source (0.8.2)
    pry (0.10.4)
      coderay (~> 1.1.0)
      method_source (~> 0.8.1)
      slop (~> 3.4)
    redis (3.3.1)
    slop (3.6.0)

PLATFORMS
  ruby

DEPENDENCIES
  diffy
  git
  pry
  redis

BUNDLED WITH
   1.12.5
